GEM
  specs:
    eventmachine (1.0.3)

PLATFORMS
  ruby

DEPENDENCIES
  eventmachine (~> 1.0.0)
